PATH
  remote: .
  specs:
    baroque (0.0.1)
      email_reply_parser
      mail
      rack (>= 1.3.6)
      rubberband
      sanitize
      sinatra
      sinatra-contrib
      sinatra-session
      yajl-ruby
      zipruby

GEM
  remote: https://rubygems.org/
  specs:
    backports (2.5.1)
    email_reply_parser (0.5.0)
    eventmachine (0.12.10)
    i18n (0.6.0)
    mail (2.4.4)
      i18n (>= 0.4.0)
      mime-types (~> 1.16)
      treetop (~> 1.4.8)
    mime-types (1.18)
    nokogiri (1.5.2)
    patron (0.4.18)
    polyglot (0.3.3)
    rack (1.4.1)
    rack-protection (1.2.0)
      rack
    rack-test (0.6.1)
      rack (>= 1.0)
    rubberband (0.1.6)
      patron (~> 0.4.12)
      yajl-ruby
    sanitize (2.0.3)
      nokogiri (>= 1.4.4, < 1.6)
    sinatra (1.3.2)
      rack (~> 1.3, >= 1.3.6)
      rack-protection (~> 1.2)
      tilt (~> 1.3, >= 1.3.3)
    sinatra-contrib (1.3.1)
      backports (>= 2.0)
      eventmachine
      rack-protection
      rack-test
      sinatra (~> 1.3.0)
      tilt (~> 1.3)
    sinatra-session (1.0.0)
      sinatra (>= 1.0)
    tilt (1.3.3)
    treetop (1.4.10)
      polyglot
      polyglot (>= 0.3.1)
    yajl-ruby (1.1.0)
    zipruby (0.3.6)

PLATFORMS
  ruby

DEPENDENCIES
  baroque!
